GEM
  remote: https://rubygems.org/
  specs:
    asciidoctor (2.0.17)
    concurrent-ruby (1.1.9)
    liquid (5.1.0)
    rouge (3.28.0)
    tilt (2.0.10)

PLATFORMS
  x86_64-linux

DEPENDENCIES
  asciidoctor (~> 2.0)
  concurrent-ruby (~> 1.1)
  liquid (~> 5.1)
  rouge (~> 3.28)
  tilt (~> 2.0)

RUBY VERSION
   ruby 2.7.5p203

BUNDLED WITH
   2.3.3
